GEM
  remote: https://rubygems.org/
  specs:
    astar (0.0.2)
    coderay (1.1.0)
    method_source (0.8.2)
    pry (0.10.3)
      coderay (~> 1.1.0)
      method_source (~> 0.8.1)
      slop (~> 3.4)
    slop (3.6.0)

PLATFORMS
  ruby
  x86-mingw32

DEPENDENCIES
  astar
  pry

BUNDLED WITH
   1.11.2
